GIT
  remote: git://github.com/helios/jeweler.git
  revision: 948e4a7b1552a921c4d5b2968ed8fa40e45cfd20
  specs:
    jeweler (1.6.0)
      bundler (~> 1.0.0)
      git (>= 1.2.5)
      rake

GEM
  remote: http://rubygems.org/
  specs:
    activemodel (3.0.7)
      activesupport (= 3.0.7)
      builder (~> 2.1.2)
      i18n (~> 0.5.0)
    activerecord (3.0.7)
      activemodel (= 3.0.7)
      activesupport (= 3.0.7)
      arel (~> 2.0.2)
      tzinfo (~> 0.3.23)
    activesupport (3.0.7)
    arel (2.0.10)
    builder (2.1.2)
    diff-lcs (1.1.2)
    git (1.2.5)
    i18n (0.5.0)
    rake (0.9.0)
    rspec (2.6.0)
      rspec-core (~> 2.6.0)
      rspec-expectations (~> 2.6.0)
      rspec-mocks (~> 2.6.0)
    rspec-core (2.6.2)
    rspec-expectations (2.6.0)
      diff-lcs (~> 1.1.2)
    rspec-mocks (2.6.0)
    tzinfo (0.3.27)

PLATFORMS
  ruby

DEPENDENCIES
  activerecord (>= 3.0.0)
  activesupport (>= 3.0.0)
  jeweler!
  rake
  rspec (~> 2.6.0)
